GEM
  remote: https://rubygems.org/
  specs:
    rack (3.0.8)
    sinatra (1.0)
      rack (>= 1.0)
    webrick (1.8.1)

PLATFORMS
  x64-mingw-ucrt

DEPENDENCIES
  rack
  sinatra
  webrick

BUNDLED WITH
   2.4.6
